PATH
  remote: ../ckb-sdk-ruby
  specs:
    ckb-sdk-ruby (0.11.0)
      bitcoin-secp256k1 (~> 0.5.0)
      rbnacl (~> 6.0, >= 6.0.1)

GEM
  specs:
    bitcoin-secp256k1 (0.5.1)
      ffi (>= 1.9.25)
    ffi (1.10.0)
    parallel (1.14.0)
    rbnacl (6.0.1)
      ffi

PLATFORMS
  ruby

DEPENDENCIES
  ckb-sdk-ruby!
  parallel

BUNDLED WITH
   2.0.1
